GEM
  remote: https://rubygems.org/
  specs:
    ffaker (2.5.0)
    rubystats (0.2.5)
    session (3.2.0)
    tf (0.4.4)
      session (~> 3.1)

PLATFORMS
  ruby

DEPENDENCIES
  ffaker
  rubystats
  tf

BUNDLED WITH
   1.12.5
